PATH
  remote: .
  specs:
    scopie_rails (0.4.1)
      actionpack (>= 4.1, < 5.1)
      activesupport (>= 4.1, < 5.1)
      scopie (~> 0)

GEM
  remote: https://rubygems.org/
  specs:
    actionpack (4.2.6)
      actionview (= 4.2.6)
      activesupport (= 4.2.6)
      rack (~> 1.6)
      rack-test (~> 0.6.2)
      rails-dom-testing (~> 1.0, >= 1.0.5)
      rails-html-sanitizer (~> 1.0, >= 1.0.2)
    actionview (4.2.6)
      activesupport (= 4.2.6)
      builder (~> 3.1)
      erubis (~> 2.7.0)
      rails-dom-testing (~> 1.0, >= 1.0.5)
      rails-html-sanitizer (~> 1.0, >= 1.0.2)
    activesupport (4.2.6)
      i18n (~> 0.7)
      json (~> 1.7, >= 1.7.7)
      minitest (~> 5.1)
      thread_safe (~> 0.3, >= 0.3.4)
      tzinfo (~> 1.1)
    ast (2.3.0)
    builder (3.2.2)
    coderay (1.1.1)
    diff-lcs (1.2.5)
    docile (1.1.5)
    erubis (2.7.0)
    i18n (0.7.0)
    json (1.8.3)
    loofah (2.0.3)
      nokogiri (>= 1.5.9)
    method_source (0.8.2)
    mini_portile2 (2.0.0)
    minitest (5.9.0)
    nokogiri (1.6.7.2)
      mini_portile2 (~> 2.0.0.rc2)
    parser (2.3.1.2)
      ast (~> 2.2)
    powerpack (0.1.1)
    pry (0.10.3)
      coderay (~> 1.1.0)
      method_source (~> 0.8.1)
      slop (~> 3.4)
    rack (1.6.4)
    rack-test (0.6.3)
      rack (>= 1.0)
    rails-deprecated_sanitizer (1.0.3)
      activesupport (>= 4.2.0.alpha)
    rails-dom-testing (1.0.7)
      activesupport (>= 4.2.0.beta, < 5.0)
      nokogiri (~> 1.6.0)
      rails-deprecated_sanitizer (>= 1.0.1)
    rails-html-sanitizer (1.0.3)
      loofah (~> 2.0)
    rainbow (2.1.0)
    rake (11.2.2)
    rspec (3.4.0)
      rspec-core (~> 3.4.0)
      rspec-expectations (~> 3.4.0)
      rspec-mocks (~> 3.4.0)
    rspec-core (3.4.4)
      rspec-support (~> 3.4.0)
    rspec-expectations (3.4.0)
      diff-lcs (>= 1.2.0, < 2.0)
      rspec-support (~> 3.4.0)
    rspec-mocks (3.4.1)
      diff-lcs (>= 1.2.0, < 2.0)
      rspec-support (~> 3.4.0)
    rspec-support (3.4.1)
    rubocop (0.40.0)
      parser (>= 2.3.1.0, < 3.0)
      powerpack (~> 0.1)
      rainbow (>= 1.99.1, < 3.0)
      ruby-progressbar (~> 1.7)
      unicode-display_width (~> 1.0, >= 1.0.1)
    ruby-progressbar (1.8.1)
    scopie (0.4.3)
    simplecov (0.11.2)
      docile (~> 1.1.0)
      json (~> 1.8)
      simplecov-html (~> 0.10.0)
    simplecov-html (0.10.0)
    slop (3.6.0)
    thread_safe (0.3.5)
    tzinfo (1.2.2)
      thread_safe (~> 0.1)
    unicode-display_width (1.0.5)

PLATFORMS
  ruby

DEPENDENCIES
  pry (~> 0)
  rake (~> 11)
  rspec (~> 3.4)
  rubocop (~> 0.40)
  scopie_rails!
  simplecov (~> 0)

BUNDLED WITH
   1.12.2
